GEM
  remote: https://rubygems.org/
  specs:
    activerecord (3.2.14)
    activesupport (7.0.4.2)
      concurrent-ruby (~> 1.0, >= 1.0.2)
      i18n (>= 1.6, < 2)
      minitest (>= 5.1)
      tzinfo (~> 2.0)
    backports (3.18.1)
    bcrypt (3.1.15)
    chronic (0.10.2)
    concurrent-ruby (1.2.0)
    faraday (1.0.1)
      multipart-post (>= 1.2, < 3)
    i18n (1.8.5)
      concurrent-ruby (~> 1.0)
    kgio (2.11.3)
    minitest (5.17.0)
    multi_json (1.15.0)
    multipart-post (2.1.1)
    mustermann (1.1.1)
      ruby2_keywords (~> 0.0.1)
    rack (2.2.3)
    rack-protection (2.0.8.1)
      rack
    raindrops (0.19.1)
    rake (13.0.1)
    redis (4.2.2)
    ruby2_keywords (0.0.2)
    ruby_http_client (3.5.1)
    sendgrid-ruby (6.3.4)
      ruby_http_client (~> 3.4)
    sentimental (1.5.0)
    sinatra (2.0.8.1)
      mustermann (~> 1.0)
      rack (~> 2.0)
      rack-protection (= 2.0.8.1)
      tilt (~> 2.0)
    sinatra-activerecord (2.0.15)
      activerecord (>= 3.2)
      sinatra (>= 1.0)
    sinatra-contrib (2.0.8.1)
      backports (>= 2.8.2)
      multi_json
      mustermann (~> 1.0)
      rack-protection (= 2.0.8.1)
      sinatra (= 2.0.8.1)
      tilt (~> 2.0)
    sinatra-flash (0.3.0)
      sinatra (>= 1.0.0)
    sinatra-session (1.0.0)
      sinatra (>= 1.0)
    sqlite3 (1.4.2)
    tilt (2.0.10)
    tzinfo (2.0.6)
      concurrent-ruby (~> 1.0)
    unicorn (5.6.0)
      kgio (~> 2.6)
      raindrops (~> 0.7)
    whenever (1.0.0)
      chronic (>= 0.6.3)

PLATFORMS
  ruby
  x64-mingw32

DEPENDENCIES
  bcrypt
  faraday
  i18n
  rake
  redis
  sendgrid-ruby
  sentimental
  sinatra
  sinatra-activerecord
  sinatra-contrib
  sinatra-flash
  sinatra-session
  sqlite3
  unicorn
  whenever

BUNDLED WITH
   2.1.4
